GEM
  remote: https://rubygems.org/
  specs:
    dotenv (2.7.6)

PLATFORMS
  ruby
  x86_64-linux

DEPENDENCIES
  dotenv (= 2.7.6)

RUBY VERSION
   ruby 2.7.0p0

BUNDLED WITH
   2.2.17
